GEM
  remote: http://rubygems.org/
  specs:
    albino (1.3.3)
      posix-spawn (>= 0.3.6)
    nokogiri (1.4.6)
    posix-spawn (0.3.6)
    rake (0.8.7)
    redcarpet (1.17.2)

PLATFORMS
  ruby

DEPENDENCIES
  albino
  nokogiri
  rake
  redcarpet
